GEM
  remote: https://rubygems.org/
  specs:
    asciidoctor (2.0.23)
    json (2.15.0)
    pygments.rb (3.0.0)

PLATFORMS
  arm64-darwin-24
  ruby

DEPENDENCIES
  asciidoctor (= 2.0.23)
  json (~> 2.15)
  pygments.rb (= 3.0)

RUBY VERSION
   ruby 3.4.6p54

BUNDLED WITH
   2.7.2
